GEM
  remote: http://rubygems.org/
  specs:
    chunky_png (1.2.5)
    closure-compiler (1.1.4)
    compass (0.11.5)
      chunky_png (~> 1.2)
      fssm (>= 0.2.7)
      sass (~> 3.1)
    fssm (0.2.7)
    guard (0.8.8)
      thor (~> 0.14.6)
    guard-compass (0.0.6)
      compass (>= 0.10.5)
      guard (>= 0.2.1)
    guard-shell (0.1.1)
      guard (>= 0.2.0)
    rake (0.9.2.2)
    sass (3.1.10)
    sprockets (1.0.2)
    thor (0.14.6)

PLATFORMS
  ruby

DEPENDENCIES
  closure-compiler
  compass
  guard-compass (~> 0.0.6)
  guard-shell (~> 0.1.1)
  rake (>= 0.9.2)
  sprockets (~> 1.0.2)
